GEM
  remote: https://rubygems.org/
  specs:
    bson (4.3.0)
    mini_portile2 (2.3.0)
    mongo (2.6.2)
      bson (>= 4.3.0, < 5.0.0)
    mustermann (1.0.3)
    nokogiri (1.8.4)
      mini_portile2 (~> 2.3.0)
    rack (2.0.5)
    rack-protection (2.0.3)
      rack
    sinatra (2.0.3)
      mustermann (~> 1.0)
      rack (~> 2.0)
      rack-protection (= 2.0.3)
      tilt (~> 2.0)
    slim (4.0.0)
      temple (>= 0.7.6, < 0.9)
      tilt (>= 2.0.6, < 2.1)
    temple (0.8.0)
    tilt (2.0.8)

PLATFORMS
  ruby

DEPENDENCIES
  mongo!
  nokogiri!
  sinatra!
  slim!

BUNDLED WITH
   1.16.2
