GEM
  remote: https://rubygems.org/
  specs:
    git (1.5.0)
    mail (2.7.0)
      mini_mime (>= 0.1.1)
    mini_mime (1.0.1)

PLATFORMS
  ruby

DEPENDENCIES
  git!
  mail!

BUNDLED WITH
   1.16.2
